GEM
  remote: http://rubygems.org/
  specs:
    haml (3.0.25)
    hassle (0.0.1)
      haml
      rack
    less (1.2.21)
      mutter (>= 0.4.2)
      treetop (>= 1.4.2)
    maruku (0.6.0)
      syntax (>= 1.0.0)
    mutter (0.5.3)
    polyglot (0.3.1)
    rack (1.2.1)
    sinatra (1.1.2)
      rack (~> 1.1)
      tilt (~> 1.2)
    syntax (1.0.0)
    tilt (1.2.2)
    treetop (1.4.9)
      polyglot (>= 0.3.1)

PLATFORMS
  ruby

DEPENDENCIES
  haml
  hassle
  less
  maruku
  sinatra (= 1.1.2)
