GEM
  remote: http://rubygems.org/
  specs:
    haml (3.0.25)
    hassle (0.0.1)
      haml
      rack
    maruku (0.6.0)
      syntax (>= 1.0.0)
    rack (1.2.1)
    sinatra (1.1.2)
      rack (~> 1.1)
      tilt (~> 1.2)
    syntax (1.0.0)
    tilt (1.2.2)

PLATFORMS
  ruby

DEPENDENCIES
  haml
  hassle
  maruku
  sinatra (= 1.1.2)
